GEM
  remote: http://rubygems.org/
  specs:
    activesupport (3.0.10)
    awesome_print (0.4.0)
    curb (0.7.15)
    diff-lcs (1.1.3)
    fastercsv (1.5.4)
    handsoap (1.1.8)
    i18n (0.6.0)
    json (1.5.4)
    mime-types (1.16)
    mocha (0.9.12)
    rake (0.8.7)
    rest-client (1.6.7)
      mime-types (>= 1.16)
    rspec (2.6.0)
      rspec-core (~> 2.6.0)
      rspec-expectations (~> 2.6.0)
      rspec-mocks (~> 2.6.0)
    rspec-core (2.6.4)
    rspec-expectations (2.6.0)
      diff-lcs (~> 1.1.2)
    rspec-mocks (2.6.0)

PLATFORMS
  ruby

DEPENDENCIES
  activesupport (~> 3.0.9)
  awesome_print (~> 0.4.0)
  curb (~> 0.7.15)
  diff-lcs (~> 1.1.2)
  fastercsv
  handsoap (~> 1.1.8)
  i18n (~> 0.6.0)
  json (~> 1.5.3)
  mime-types (~> 1.16)
  mocha (~> 0.9.12)
  rake (~> 0.8.7)
  rest-client (~> 1.6.3)
  rspec (~> 2.6.0)
  rspec-core (~> 2.6.4)
  rspec-expectations (~> 2.6.0)
  rspec-mocks (~> 2.6.0)
